PATH
  remote: .
  specs:
    greed (0.0.1)
      methadone (~> 1.2.4)

GEM
  remote: https://rubygems.org/
  specs:
    activesupport (3.2.11)
      i18n (~> 0.6)
      multi_json (~> 1.0)
    aruba (0.5.1)
      childprocess (~> 0.3.6)
      cucumber (>= 1.1.1)
      rspec-expectations (>= 2.7.0)
    blankslate (3.1.2)
    builder (3.1.4)
    charlock_holmes (0.6.9)
    childprocess (0.3.6)
      ffi (~> 1.0, >= 1.0.6)
    coderay (1.0.8)
    cucumber (1.2.1)
      builder (>= 2.1.2)
      diff-lcs (>= 1.1.3)
      gherkin (~> 2.11.0)
      json (>= 1.4.6)
    diff-lcs (1.1.3)
    escape_utils (0.2.4)
    ffi (1.0.11)
    gemoji (1.3.1)
    gherkin (2.11.5)
      json (>= 1.4.6)
    ghpreview (0.0.6)
      github-linguist (= 2.1)
      html-pipeline (= 0.0.6)
      httpclient
      listen
      rb-fsevent
    github-linguist (2.1.0)
      charlock_holmes (~> 0.6.6)
      escape_utils (~> 0.2.3)
      mime-types (~> 1.18)
      pygments.rb (~> 0.2.13)
    github-markdown (0.5.3)
    html-pipeline (0.0.6)
      activesupport (>= 2)
      escape_utils (~> 0.2)
      gemoji (~> 1.0)
      github-linguist (~> 2.1)
      github-markdown (~> 0.5)
      nokogiri (~> 1.4)
      rinku (~> 1.7)
      sanitize (~> 2.0)
    httpclient (2.3.2)
    i18n (0.6.1)
    json (1.7.6)
    listen (0.7.1)
    methadone (1.2.4)
      bundler
    method_source (0.8.1)
    mime-types (1.19)
    minitest (4.3.3)
    multi_json (1.5.0)
    nokogiri (1.5.6)
    pry (0.9.10)
      coderay (~> 1.0.5)
      method_source (~> 0.8)
      slop (~> 3.3.1)
    pygments.rb (0.2.13)
      rubypython (~> 0.5.3)
    rake (0.9.6)
    rb-fsevent (0.9.3)
    rdoc (3.12)
      json (~> 1.4)
    rinku (1.7.2)
    rspec-expectations (2.12.1)
      diff-lcs (~> 1.1.3)
    rubypython (0.5.3)
      blankslate (>= 2.1.2.3)
      ffi (~> 1.0.7)
    sanitize (2.0.3)
      nokogiri (>= 1.4.4, < 1.6)
    slop (3.3.3)

PLATFORMS
  ruby

DEPENDENCIES
  aruba
  ghpreview
  greed!
  minitest
  pry
  rake (~> 0.9.2)
  rdoc
