GIT
  remote: https://github.com/newcontext/ghpreview.git
  revision: b7cb29321cd9fb3301f82aab295e9f6aefc67fce
  specs:
    ghpreview (0.0.6)
      github-linguist (= 2.1)
      html-pipeline (= 0.0.6)
      httpclient
      listen
      rb-fsevent

GEM
  remote: https://rubygems.org/
  specs:
    activesupport (3.2.10)
      i18n (~> 0.6)
      multi_json (~> 1.0)
    blankslate (3.1.2)
    charlock_holmes (0.6.9)
    coderay (1.0.8)
    escape_utils (0.2.4)
    ffi (1.0.11)
    gemoji (1.3.0)
    github-linguist (2.1.0)
      charlock_holmes (~> 0.6.6)
      escape_utils (~> 0.2.3)
      mime-types (~> 1.18)
      pygments.rb (~> 0.2.13)
    github-markdown (0.5.3)
    html-pipeline (0.0.6)
      activesupport (>= 2)
      escape_utils (~> 0.2)
      gemoji (~> 1.0)
      github-linguist (~> 2.1)
      github-markdown (~> 0.5)
      nokogiri (~> 1.4)
      rinku (~> 1.7)
      sanitize (~> 2.0)
    httpclient (2.3.1)
    i18n (0.6.1)
    listen (0.7.0)
    method_source (0.8.1)
    mime-types (1.19)
    minitest (4.3.3)
    multi_json (1.5.0)
    nokogiri (1.5.6)
    pry (0.9.10)
      coderay (~> 1.0.5)
      method_source (~> 0.8)
      slop (~> 3.3.1)
    pygments.rb (0.2.13)
      rubypython (~> 0.5.3)
    rb-fsevent (0.9.3)
    rinku (1.7.2)
    rubypython (0.5.3)
      blankslate (>= 2.1.2.3)
      ffi (~> 1.0.7)
    sanitize (2.0.3)
      nokogiri (>= 1.4.4, < 1.6)
    slop (3.3.3)

PLATFORMS
  ruby

DEPENDENCIES
  ghpreview!
  minitest
  pry
